GEM
  remote: https://rubygems.org/
  specs:
    htmlentities (4.3.3)
    rake (0.9.6)

PLATFORMS
  ruby

DEPENDENCIES
  htmlentities
  rake
