GEM
  remote: https://rubygems.org/
  specs:
    digest (0.0.1)
    htmlentities (4.3.3)
    httparty (0.13.7)
      json (~> 1.8)
      multi_xml (>= 0.5.2)
    json (1.8.3)
    minitest (5.9.1)
    multi_xml (0.5.5)
    rake (0.9.6)

PLATFORMS
  ruby

DEPENDENCIES
  digest
  htmlentities
  httparty
  minitest
  rake

BUNDLED WITH
   1.12.5
