GEM
  remote: https://rubygems.org/
  specs:
    htmlentities (4.3.3)
    httparty (0.13.7)
      json (~> 1.8)
      multi_xml (>= 0.5.2)
    json (1.8.3)
    multi_xml (0.5.5)
    rake (0.9.6)

PLATFORMS
  ruby

DEPENDENCIES
  htmlentities
  httparty
  rake
