GEM
  remote: https://rubygems.org/
  specs:
    htmlentities (4.3.3)

PLATFORMS
  ruby

DEPENDENCIES
  htmlentities
